PATH
  remote: .
  specs:
    fakermenu (0.0.1)
      cpf_faker
      faker

GEM
  remote: https://rubygems.org/
  specs:
    clipboard (1.1.1)
    cpf_faker (1.3.0)
      clipboard
    faker (1.8.4)
      i18n (~> 0.5)
    i18n (0.8.6)
    rake (10.5.0)

PLATFORMS
  ruby

DEPENDENCIES
  bundler (~> 1.15)
  fakermenu!
  rake (~> 10.0)

BUNDLED WITH
   1.15.4
