PATH
  remote: .
  specs:
    fakermenu (0.0.1)
      cpf_faker
      faker

GEM
  remote: https://rubygems.org/
  specs:
    clipboard (1.3.4)
    concurrent-ruby (1.1.6)
    cpf_faker (1.3.0)
      clipboard
    faker (1.9.6)
      i18n (>= 0.7)
    i18n (1.8.3)
      concurrent-ruby (~> 1.0)
    rake (13.0.1)

PLATFORMS
  ruby

DEPENDENCIES
  bundler (~> 2.1)
  fakermenu!
  rake (~> 13.0)

BUNDLED WITH
   2.1.4
